{
	"Manufacturer": "Philips",
	"PatientPosition": "HFS",
	"SeriesDescription": "ImageMRSERIES",
	"ProtocolName": "task-AFGR_run-1_bold",
	"SeriesNumber": 16,
	"AcquisitionNumber": 16,
	"ImageComments": "pRFGazeMod",
	"PhilipsRescaleSlope": 3.66642,
	"PhilipsRescaleIntercept": 0,
	"PhilipsScaleSlope": 5.36552e-05,
	"UsePhilipsFloatNotDisplayScaling": 1,
	"EchoTime": 0.01689,
	"RepetitionTime": 1.31702,
	"ReconMatrixPE": 112,
	"ImageOrientationPatientDICOM": [
		0,
		0.911116,
		-0.412151,
		-0,
		-0.412151,
		-0.911116	],
	"ConversionSoftware": "dcm2niix",
	"ConversionSoftwareVersion": "v1.0.20180622 GCC4.9.2"
}
