{
	"Manufacturer": "Philips",
	"PatientPosition": "HFS",
	"SeriesDescription": "ImageMRSERIES",
	"ProtocolName": "task-AFGCFS_run-1_bold",
	"SeriesNumber": 6,
	"AcquisitionNumber": 6,
	"ImageComments": "prfGazeMod2",
	"PhilipsRescaleSlope": 3.79121,
	"PhilipsRescaleIntercept": 0,
	"PhilipsScaleSlope": 5.46417e-05,
	"UsePhilipsFloatNotDisplayScaling": 1,
	"EchoTime": 0.01689,
	"RepetitionTime": 1.31698,
	"ReconMatrixPE": 112,
	"ImageOrientationPatientDICOM": [
		0.0231746,
		0.923993,
		-0.381706,
		0.0558215,
		-0.382409,
		-0.922306	],
	"ConversionSoftware": "dcm2niix",
	"ConversionSoftwareVersion": "v1.0.20180622 GCC4.9.2"
}
