{
	"Manufacturer": "Philips",
	"PatientPosition": "HFS",
	"SeriesDescription": "ImageMRSERIES",
	"ProtocolName": "acq-1mm-sag_T1w_3m54s_Philips",
	"SeriesNumber": 8,
	"AcquisitionNumber": 8,
	"ImageComments": "------",
	"PhilipsRescaleSlope": 3.91526,
	"PhilipsRescaleIntercept": 0,
	"PhilipsScaleSlope": 0.00434272,
	"UsePhilipsFloatNotDisplayScaling": 1,
	"EchoTime": 0.00374,
	"RepetitionTime": 0.008142,
	"InversionTime": 0.95,
	"ReconMatrixPE": 256,
	"ImageOrientationPatientDICOM": [
		0.0284263,
		0.998711,
		-0.0420474,
		0.0362949,
		-0.0430679,
		-0.998413	],
	"ConversionSoftware": "dcm2niix",
	"ConversionSoftwareVersion": "v1.0.20180622 GCC4.9.2"
}
