{"Manufacturer": "Philips", "PatientPosition": "HFS", "SeriesDescription": "ImageMRSERIES", "ProtocolName": "dir-TU_run-9_epi", "SeriesNumber": 23, "AcquisitionNumber": 23, "ImageComments": "prfGazeMod2", "PhilipsRescaleSlope": 3.63199, "PhilipsRescaleIntercept": 0, "PhilipsScaleSlope": 5.46417e-05, "UsePhilipsFloatNotDisplayScaling": 1, "EchoTime": 0.01689, "RepetitionTime": 1.3175, "ReconMatrixPE": 112, "ImageOrientationPatientDICOM": [0.0231746, 0.923993, -0.381706, 0.0558215, -0.382409, -0.922306], "ConversionSoftware": "dcm2niix", "ConversionSoftwareVersion": "v1.0.20180622 GCC4.9.2", "PhaseEncodingDirection": "i-", "TotalReadoutTime": 0.0322, "IntendedFor": ["ses-02/func/sub-005_ses-02_task-AttendFixGazeCenter_run-1_bold.nii.gz"]}