{"Manufacturer": "Philips", "PatientPosition": "HFS", "SeriesDescription": "ImageMRSERIES", "ProtocolName": "dir-TU_run-8_epi", "SeriesNumber": 19, "AcquisitionNumber": 19, "ImageComments": "sub-07_ses-01_prfGazeMod", "PhilipsRescaleSlope": 3.94139, "PhilipsRescaleIntercept": 0, "PhilipsScaleSlope": 5.60847e-05, "UsePhilipsFloatNotDisplayScaling": 1, "EchoTime": 0.01689, "RepetitionTime": 1.3175, "ReconMatrixPE": 112, "ImageOrientationPatientDICOM": [0, 0.924013, -0.382361, 0, -0.382361, -0.924013], "ConversionSoftware": "dcm2niix", "ConversionSoftwareVersion": "v1.0.20180622 GCC4.9.2", "PhaseEncodingDirection": "i-", "TotalReadoutTime": 0.0322, "IntendedFor": ["ses-01/func/sub-007_ses-01_task-AttendStimGazeRight_run-1_bold.nii.gz"]}