{
	"Manufacturer": "Philips",
	"PatientPosition": "HFS",
	"SeriesDescription": "ImageMRSERIES",
	"ProtocolName": "acq-1mm-sag_T1w_3m54s_Philips",
	"SeriesNumber": 4,
	"AcquisitionNumber": 4,
	"ImageComments": "------",
	"PhilipsRescaleSlope": 2765.93,
	"PhilipsRescaleIntercept": 0,
	"PhilipsScaleSlope": 0.00422165,
	"UsePhilipsFloatNotDisplayScaling": 1,
	"EchoTime": 0.00374,
	"RepetitionTime": 0.008135,
	"InversionTime": 0.95,
	"ReconMatrixPE": 256,
	"ImageOrientationPatientDICOM": [
		0.00697509,
		0.999094,
		-0.0419936,
		-0.04205,
		-0.0416644,
		-0.998246	],
	"ConversionSoftware": "dcm2niix",
	"ConversionSoftwareVersion": "v1.0.20180622 GCC4.9.2"
}
