{
	"Manufacturer": "Philips",
	"PatientPosition": "HFS",
	"SeriesDescription": "ImageMRSERIES",
	"ProtocolName": "3DT2_1mm",
	"SeriesNumber": 6,
	"AcquisitionNumber": 6,
	"ImageComments": "------",
	"PhilipsRescaleSlope": 1.46349,
	"PhilipsRescaleIntercept": 0,
	"PhilipsScaleSlope": 0.00204872,
	"UsePhilipsFloatNotDisplayScaling": 1,
	"EchoTime": 0.331,
	"RepetitionTime": 2.5,
	"ReconMatrixPE": 256,
	"ImageOrientationPatientDICOM": [
		0.00697509,
		0.999094,
		-0.0419936,
		-0.04205,
		-0.0416644,
		-0.998246	],
	"ConversionSoftware": "dcm2niix",
	"ConversionSoftwareVersion": "v1.0.20180622 GCC4.9.2"
}
