{
	"Manufacturer": "Philips",
	"PatientPosition": "HFS",
	"SeriesDescription": "ImageMRSERIES",
	"ProtocolName": "acq-1mm-sag_T1w_3m54s_Philips",
	"SeriesNumber": 4,
	"AcquisitionNumber": 4,
	"ImageComments": "------",
	"PhilipsRescaleSlope": 4.44567,
	"PhilipsRescaleIntercept": 0,
	"PhilipsScaleSlope": 0.00434966,
	"UsePhilipsFloatNotDisplayScaling": 1,
	"EchoTime": 0.00374,
	"RepetitionTime": 0.008139,
	"InversionTime": 0.95,
	"ReconMatrixPE": 256,
	"ImageOrientationPatientDICOM": [
		0.0230213,
		0.998834,
		-0.0424279,
		0.0361205,
		-0.0432424,
		-0.998411	],
	"ConversionSoftware": "dcm2niix",
	"ConversionSoftwareVersion": "v1.0.20180622 GCC4.9.2"
}
