{
	"Manufacturer": "Philips",
	"PatientPosition": "HFS",
	"SeriesDescription": "ImageMRSERIES",
	"ProtocolName": "acq-1mm-sag_T1w_6m12s_ADNI",
	"SeriesNumber": 3,
	"AcquisitionNumber": 3,
	"ImageComments": "------",
	"PhilipsRescaleSlope": 2.57485,
	"PhilipsRescaleIntercept": 0,
	"PhilipsScaleSlope": 0.00653117,
	"UsePhilipsFloatNotDisplayScaling": 1,
	"EchoTime": 0.00294,
	"RepetitionTime": 0.006441,
	"InversionTime": 0.9,
	"ReconMatrixPE": 256,
	"ImageOrientationPatientDICOM": [
		0.0230213,
		0.998834,
		-0.0424279,
		0.0361205,
		-0.0432424,
		-0.998411	],
	"ConversionSoftware": "dcm2niix",
	"ConversionSoftwareVersion": "v1.0.20180622 GCC4.9.2"
}
