{
	"Manufacturer": "Philips",
	"PatientPosition": "HFS",
	"SeriesDescription": "ImageMRSERIES",
	"ProtocolName": "3DT2_1mm",
	"SeriesNumber": 6,
	"AcquisitionNumber": 6,
	"ImageComments": "------",
	"PhilipsRescaleSlope": 263.231,
	"PhilipsRescaleIntercept": 0,
	"PhilipsScaleSlope": 0.00248467,
	"UsePhilipsFloatNotDisplayScaling": 1,
	"EchoTime": 0.331,
	"RepetitionTime": 2.5,
	"ReconMatrixPE": 256,
	"ImageOrientationPatientDICOM": [
		0.0230213,
		0.998834,
		-0.0424279,
		0.0361205,
		-0.0432424,
		-0.998411	],
	"ConversionSoftware": "dcm2niix",
	"ConversionSoftwareVersion": "v1.0.20180622 GCC4.9.2"
}
