{"Manufacturer": "Philips", "PatientPosition": "HFS", "SeriesDescription": "ImageMRSERIES", "ProtocolName": "dir-TU_run-10_epi", "SeriesNumber": 24, "AcquisitionNumber": 24, "ImageComments": "sub-03_ses-01_prfGazeMod", "PhilipsRescaleSlope": 4.04249, "PhilipsRescaleIntercept": 0, "PhilipsScaleSlope": 5.67096e-05, "UsePhilipsFloatNotDisplayScaling": 1, "EchoTime": 0.01689, "RepetitionTime": 1.3175, "ReconMatrixPE": 112, "ImageOrientationPatientDICOM": [0, 0.924013, -0.382361, 0, -0.382361, -0.924013], "ConversionSoftware": "dcm2niix", "ConversionSoftwareVersion": "v1.0.20180622 GCC4.9.2", "PhaseEncodingDirection": "i-", "TotalReadoutTime": 0.0322, "IntendedFor": ["ses-01/func/sub-003_ses-01_task-AttendStimGazeCenter_run-1_bold.nii.gz"]}