{
	"Manufacturer": "Philips",
	"PatientPosition": "HFS",
	"SeriesDescription": "ImageMRSERIES",
	"ProtocolName": "acq-1mm-sag_T1w_3m54s_Philips",
	"SeriesNumber": 8,
	"AcquisitionNumber": 8,
	"ImageComments": "------",
	"PhilipsRescaleSlope": 4.5282,
	"PhilipsRescaleIntercept": 0,
	"PhilipsScaleSlope": 0.00475209,
	"UsePhilipsFloatNotDisplayScaling": 1,
	"EchoTime": 0.00374,
	"RepetitionTime": 0.008136,
	"InversionTime": 0.95,
	"ReconMatrixPE": 256,
	"ImageOrientationPatientDICOM": [
		-0.0289523,
		0.998671,
		-0.0426484,
		0.0333296,
		-0.0416781,
		-0.998575	],
	"ConversionSoftware": "dcm2niix",
	"ConversionSoftwareVersion": "v1.0.20180622 GCC4.9.2"
}
