{
	"Manufacturer": "Philips",
	"PatientPosition": "HFS",
	"SeriesDescription": "ImageMRSERIES",
	"ProtocolName": "acq-1mm-sag_T1w_6m12s_ADNI",
	"SeriesNumber": 3,
	"AcquisitionNumber": 3,
	"ImageComments": "------",
	"PhilipsRescaleSlope": 2.47497,
	"PhilipsRescaleIntercept": 0,
	"PhilipsScaleSlope": 0.00715924,
	"UsePhilipsFloatNotDisplayScaling": 1,
	"EchoTime": 0.00294,
	"RepetitionTime": 0.006436,
	"InversionTime": 0.9,
	"ReconMatrixPE": 256,
	"ImageOrientationPatientDICOM": [
		-0.0289523,
		0.998671,
		-0.0426484,
		0.0333296,
		-0.0416781,
		-0.998575	],
	"ConversionSoftware": "dcm2niix",
	"ConversionSoftwareVersion": "v1.0.20180622 GCC4.9.2"
}
