{
	"Manufacturer": "Philips",
	"PatientPosition": "HFS",
	"SeriesDescription": "ImageMRSERIES",
	"ProtocolName": "task-ASGR_run-1_bold",
	"SeriesNumber": 18,
	"AcquisitionNumber": 18,
	"ImageComments": "sub-08_ses-02_prfGazeMod",
	"PhilipsRescaleSlope": 4.19585,
	"PhilipsRescaleIntercept": 0,
	"PhilipsScaleSlope": 5.60971e-05,
	"UsePhilipsFloatNotDisplayScaling": 1,
	"EchoTime": 0.01689,
	"RepetitionTime": 1.31702,
	"ReconMatrixPE": 112,
	"ImageOrientationPatientDICOM": [
		0,
		0.924013,
		-0.382361,
		-0,
		-0.382361,
		-0.924013	],
	"ConversionSoftware": "dcm2niix",
	"ConversionSoftwareVersion": "v1.0.20180622 GCC4.9.2"
}
