{"Manufacturer": "Philips", "PatientPosition": "HFS", "SeriesDescription": "ImageMRSERIES", "ProtocolName": "dir-TU_run-6_epi", "SeriesNumber": 16, "AcquisitionNumber": 16, "ImageComments": "sub-04_ses-02_prfGazeMod", "PhilipsRescaleSlope": 3.84103, "PhilipsRescaleIntercept": 0, "PhilipsScaleSlope": 5.62011e-05, "UsePhilipsFloatNotDisplayScaling": 1, "EchoTime": 0.01689, "RepetitionTime": 1.3175, "ReconMatrixPE": 112, "ImageOrientationPatientDICOM": [0, 0.91817, -0.396187, 0, -0.396187, -0.91817], "ConversionSoftware": "dcm2niix", "ConversionSoftwareVersion": "v1.0.20180622 GCC4.9.2", "PhaseEncodingDirection": "i-", "TotalReadoutTime": 0.0322, "IntendedFor": ["ses-02/func/sub-004_ses-02_task-AttendStimGazeLeft_run-1_bold.nii.gz"]}