{
	"Manufacturer": "Philips",
	"PatientPosition": "HFS",
	"SeriesDescription": "ImageMRSERIES",
	"ProtocolName": "task-AFGL_run-1_bold",
	"SeriesNumber": 12,
	"AcquisitionNumber": 12,
	"ImageComments": "sub-03_ses-02_prfGazeMod",
	"PhilipsRescaleSlope": 4.05617,
	"PhilipsRescaleIntercept": 0,
	"PhilipsScaleSlope": 5.4043e-05,
	"UsePhilipsFloatNotDisplayScaling": 1,
	"EchoTime": 0.01689,
	"RepetitionTime": 1.31702,
	"ReconMatrixPE": 112,
	"ImageOrientationPatientDICOM": [
		0,
		0.91212,
		-0.409923,
		-0,
		-0.409923,
		-0.91212	],
	"ConversionSoftware": "dcm2niix",
	"ConversionSoftwareVersion": "v1.0.20180622 GCC4.9.2"
}
