{
	"Manufacturer": "Philips",
	"PatientPosition": "HFS",
	"SeriesDescription": "ImageMRSERIES",
	"ProtocolName": "task-AFGR_run-1_bold",
	"SeriesNumber": 17,
	"AcquisitionNumber": 17,
	"ImageComments": "sub-04_ses-01_prfGazeMod",
	"PhilipsRescaleSlope": 4.15897,
	"PhilipsRescaleIntercept": 0,
	"PhilipsScaleSlope": 5.49877e-05,
	"UsePhilipsFloatNotDisplayScaling": 1,
	"EchoTime": 0.01689,
	"RepetitionTime": 1.31702,
	"ReconMatrixPE": 112,
	"ImageOrientationPatientDICOM": [
		0,
		0.918722,
		-0.394904,
		-0,
		-0.394904,
		-0.918722	],
	"ConversionSoftware": "dcm2niix",
	"ConversionSoftwareVersion": "v1.0.20180622 GCC4.9.2"
}
