{
	"Manufacturer": "Philips",
	"PatientPosition": "HFS",
	"SeriesDescription": "ImageMRSERIES",
	"ProtocolName": "task-AFGCFS_run-2_bold",
	"SeriesNumber": 8,
	"AcquisitionNumber": 8,
	"ImageComments": "sub-04_ses-01_prfGazeMod",
	"PhilipsRescaleSlope": 3.96361,
	"PhilipsRescaleIntercept": 0,
	"PhilipsScaleSlope": 5.50804e-05,
	"UsePhilipsFloatNotDisplayScaling": 1,
	"EchoTime": 0.01689,
	"RepetitionTime": 1.31698,
	"ReconMatrixPE": 112,
	"ImageOrientationPatientDICOM": [
		0,
		0.918722,
		-0.394904,
		-0,
		-0.394904,
		-0.918722	],
	"ConversionSoftware": "dcm2niix",
	"ConversionSoftwareVersion": "v1.0.20180622 GCC4.9.2"
}
