{"Manufacturer": "Philips", "PatientPosition": "HFS", "SeriesDescription": "ImageMRSERIES", "ProtocolName": "dir-TU_run-4_epi", "SeriesNumber": 11, "AcquisitionNumber": 11, "ImageComments": "sub-04_ses-01_prfGazeMod", "PhilipsRescaleSlope": 3.83468, "PhilipsRescaleIntercept": 0, "PhilipsScaleSlope": 5.53334e-05, "UsePhilipsFloatNotDisplayScaling": 1, "EchoTime": 0.01689, "RepetitionTime": 1.3175, "ReconMatrixPE": 112, "ImageOrientationPatientDICOM": [0, 0.918722, -0.394904, 0, -0.394904, -0.918722], "ConversionSoftware": "dcm2niix", "ConversionSoftwareVersion": "v1.0.20180622 GCC4.9.2", "PhaseEncodingDirection": "i-", "TotalReadoutTime": 0.0322, "IntendedFor": ["ses-01/func/sub-004_ses-01_task-AttendStimGazeCenterFS_run-2_bold.nii.gz"]}