{
	"Manufacturer": "Philips",
	"PatientPosition": "HFS",
	"SeriesDescription": "ImageMRSERIES",
	"ProtocolName": "acq-1mm-sag_T1w_6m12s_ADNI",
	"SeriesNumber": 3,
	"AcquisitionNumber": 3,
	"ImageComments": "sub-008_ses-anat_pRFGazeMod",
	"PhilipsRescaleSlope": 3.05128,
	"PhilipsRescaleIntercept": 0,
	"PhilipsScaleSlope": 0.00563425,
	"UsePhilipsFloatNotDisplayScaling": 1,
	"EchoTime": 0.00293,
	"RepetitionTime": 0.006438,
	"InversionTime": 0.9,
	"ReconMatrixPE": 256,
	"ImageOrientationPatientDICOM": [
		-0.0364538,
		0.998345,
		-0.0444779,
		0.0291429,
		-0.0434266,
		-0.998631	],
	"ConversionSoftware": "dcm2niix",
	"ConversionSoftwareVersion": "v1.0.20180622 GCC4.9.2"
}
