{
	"Manufacturer": "Philips",
	"PatientPosition": "HFS",
	"SeriesDescription": "ImageMRSERIES",
	"ProtocolName": "acq-1mm-sag_T1w_6m12s_ADNI",
	"SeriesNumber": 3,
	"AcquisitionNumber": 3,
	"ImageComments": "------",
	"PhilipsRescaleSlope": 2.50647,
	"PhilipsRescaleIntercept": 0,
	"PhilipsScaleSlope": 0.00658992,
	"UsePhilipsFloatNotDisplayScaling": 1,
	"EchoTime": 0.00294,
	"RepetitionTime": 0.006448,
	"InversionTime": 0.9,
	"ReconMatrixPE": 256,
	"ImageOrientationPatientDICOM": [
		0.0390616,
		0.998374,
		-0.0415263,
		0.0348995,
		-0.0428958,
		-0.99847	],
	"ConversionSoftware": "dcm2niix",
	"ConversionSoftwareVersion": "v1.0.20180622 GCC4.9.2"
}
