{
	"Manufacturer": "Philips",
	"PatientPosition": "HFS",
	"SeriesDescription": "ImageMRSERIES",
	"ProtocolName": "3DT2_1mm",
	"SeriesNumber": 6,
	"AcquisitionNumber": 6,
	"ImageComments": "------",
	"PhilipsRescaleSlope": 388.583,
	"PhilipsRescaleIntercept": 0,
	"PhilipsScaleSlope": 0.00250606,
	"UsePhilipsFloatNotDisplayScaling": 1,
	"EchoTime": 0.331,
	"RepetitionTime": 2.5,
	"ReconMatrixPE": 256,
	"ImageOrientationPatientDICOM": [
		0.0390616,
		0.998374,
		-0.0415263,
		0.0348995,
		-0.0428958,
		-0.99847	],
	"ConversionSoftware": "dcm2niix",
	"ConversionSoftwareVersion": "v1.0.20180622 GCC4.9.2"
}
