{
	"Manufacturer": "Philips",
	"PatientPosition": "HFS",
	"SeriesDescription": "ImageMRSERIES",
	"ProtocolName": "acq-1mm-sag_T1w_3m54s_Philips",
	"SeriesNumber": 4,
	"AcquisitionNumber": 4,
	"ImageComments": "------",
	"PhilipsRescaleSlope": 4.73846,
	"PhilipsRescaleIntercept": 0,
	"PhilipsScaleSlope": 0.00460161,
	"UsePhilipsFloatNotDisplayScaling": 1,
	"EchoTime": 0.00374,
	"RepetitionTime": 0.008146,
	"InversionTime": 0.95,
	"ReconMatrixPE": 256,
	"ImageOrientationPatientDICOM": [
		0.0390616,
		0.998374,
		-0.0415263,
		0.0348995,
		-0.0428958,
		-0.99847	],
	"ConversionSoftware": "dcm2niix",
	"ConversionSoftwareVersion": "v1.0.20180622 GCC4.9.2"
}
