{"Manufacturer": "Philips", "PatientPosition": "HFS", "SeriesDescription": "ImageMRSERIES", "ProtocolName": "dir-TU_run-4_epi", "SeriesNumber": 12, "AcquisitionNumber": 12, "ImageComments": "sub-05_ses-01_prfGazeMod", "PhilipsRescaleSlope": 3.6652, "PhilipsRescaleIntercept": 0, "PhilipsScaleSlope": 5.48745e-05, "UsePhilipsFloatNotDisplayScaling": 1, "EchoTime": 0.01689, "RepetitionTime": 1.3175, "ReconMatrixPE": 112, "ImageOrientationPatientDICOM": [0, 0.9088, -0.417233, 0, -0.417233, -0.9088], "ConversionSoftware": "dcm2niix", "ConversionSoftwareVersion": "v1.0.20180622 GCC4.9.2", "PhaseEncodingDirection": "i-", "TotalReadoutTime": 0.0322, "IntendedFor": ["ses-01/func/sub-005_ses-01_task-AttendStimGazeCenterFS_run-2_bold.nii.gz"]}