{
	"Manufacturer": "Philips",
	"PatientPosition": "HFS",
	"SeriesDescription": "ImageMRSERIES",
	"ProtocolName": "task-AFGCFS_run-2_bold",
	"SeriesNumber": 9,
	"AcquisitionNumber": 9,
	"ImageComments": "sub-04_ses-02_prfGazeMod",
	"PhilipsRescaleSlope": 4.30012,
	"PhilipsRescaleIntercept": 0,
	"PhilipsScaleSlope": 5.61729e-05,
	"UsePhilipsFloatNotDisplayScaling": 1,
	"EchoTime": 0.01689,
	"RepetitionTime": 1.31698,
	"ReconMatrixPE": 112,
	"ImageOrientationPatientDICOM": [
		0,
		0.91817,
		-0.396187,
		-0,
		-0.396187,
		-0.91817	],
	"ConversionSoftware": "dcm2niix",
	"ConversionSoftwareVersion": "v1.0.20180622 GCC4.9.2"
}
