{
	"Manufacturer": "Philips",
	"PatientPosition": "HFS",
	"SeriesDescription": "ImageMRSERIES",
	"ProtocolName": "task-ASGC_run-1_bold",
	"SeriesNumber": 23,
	"AcquisitionNumber": 23,
	"ImageComments": "sub-04_ses-02_prfGazeMod",
	"PhilipsRescaleSlope": 4.2906,
	"PhilipsRescaleIntercept": 0,
	"PhilipsScaleSlope": 5.60128e-05,
	"UsePhilipsFloatNotDisplayScaling": 1,
	"EchoTime": 0.01689,
	"RepetitionTime": 1.31702,
	"ReconMatrixPE": 112,
	"ImageOrientationPatientDICOM": [
		0,
		0.91817,
		-0.396187,
		-0,
		-0.396187,
		-0.91817	],
	"ConversionSoftware": "dcm2niix",
	"ConversionSoftwareVersion": "v1.0.20180622 GCC4.9.2"
}
