{
	"Manufacturer": "Philips",
	"PatientPosition": "HFS",
	"SeriesDescription": "ImageMRSERIES",
	"ProtocolName": "3DT2_1mm",
	"SeriesNumber": 6,
	"AcquisitionNumber": 6,
	"ImageComments": "sub-008_ses-anat_pRFGazeMod",
	"PhilipsRescaleSlope": 1.30012,
	"PhilipsRescaleIntercept": 0,
	"PhilipsScaleSlope": 0.00261736,
	"UsePhilipsFloatNotDisplayScaling": 1,
	"EchoTime": 0.331,
	"RepetitionTime": 2.5,
	"ReconMatrixPE": 256,
	"ImageOrientationPatientDICOM": [
		-0.0364538,
		0.998345,
		-0.0444779,
		0.0291429,
		-0.0434266,
		-0.998631	],
	"ConversionSoftware": "dcm2niix",
	"ConversionSoftwareVersion": "v1.0.20180622 GCC4.9.2"
}
