{
	"Manufacturer": "Philips",
	"PatientPosition": "HFS",
	"SeriesDescription": "ImageMRSERIES",
	"ProtocolName": "acq-1mm-sag_T1w_3m54s_Philips",
	"SeriesNumber": 4,
	"AcquisitionNumber": 4,
	"ImageComments": "sub-008_ses-anat_pRFGazeMod",
	"PhilipsRescaleSlope": 4.62955,
	"PhilipsRescaleIntercept": 0,
	"PhilipsScaleSlope": 0.00461709,
	"UsePhilipsFloatNotDisplayScaling": 1,
	"EchoTime": 0.00373,
	"RepetitionTime": 0.008138,
	"InversionTime": 0.95,
	"ReconMatrixPE": 256,
	"ImageOrientationPatientDICOM": [
		-0.0364538,
		0.998345,
		-0.0444779,
		0.0291429,
		-0.0434266,
		-0.998631	],
	"ConversionSoftware": "dcm2niix",
	"ConversionSoftwareVersion": "v1.0.20180622 GCC4.9.2"
}
