{
	"Manufacturer": "Philips",
	"PatientPosition": "HFS",
	"SeriesDescription": "ImageMRSERIES",
	"ProtocolName": "task-AFGCFS_run-2_bold",
	"SeriesNumber": 9,
	"AcquisitionNumber": 9,
	"ImageComments": "sub-05_ses-01_prfGazeMod",
	"PhilipsRescaleSlope": 4.10794,
	"PhilipsRescaleIntercept": 0,
	"PhilipsScaleSlope": 5.53032e-05,
	"UsePhilipsFloatNotDisplayScaling": 1,
	"EchoTime": 0.01689,
	"RepetitionTime": 1.31698,
	"ReconMatrixPE": 112,
	"ImageOrientationPatientDICOM": [
		0,
		0.9088,
		-0.417233,
		-0,
		-0.417233,
		-0.9088	],
	"ConversionSoftware": "dcm2niix",
	"ConversionSoftwareVersion": "v1.0.20180622 GCC4.9.2"
}
