{"EchoTime": 0.01689, "RepetitionTime": 1.3175, "SeriesNumber": 11, "ReconMatrixPE": 112, "IntendedFor": ["ses-01/func/sub-001_ses-01_task-AttendStimGazeCenterFS_run-2_bold.nii.gz"], "ImageComments": "sub-01_ses-01_prfGazeMod", "ConversionSoftwareVersion": "v1.0.20180622 GCC4.9.2", "SeriesDescription": "ImageMRSERIES", "AcquisitionNumber": 11, "UsePhilipsFloatNotDisplayScaling": 1, "PhilipsScaleSlope": 5.24999e-05, "PhilipsRescaleSlope": 3.20684, "PhaseEncodingDirection": "i-", "ImageOrientationPatientDICOM": [0, 0.924013, -0.382361, 0, -0.382361, -0.924013], "PatientPosition": "HFS", "PhilipsRescaleIntercept": 0, "ProtocolName": "dir-TU_run-4_epi", "TotalReadoutTime": 0.0322, "ConversionSoftware": "dcm2niix", "Manufacturer": "Philips"}