{"EchoTime": 0.01689, "RepetitionTime": 1.3175, "SeriesNumber": 19, "ReconMatrixPE": 112, "IntendedFor": ["ses-01/func/sub-006_ses-01_task-AttendStimGazeRight_run-1_bold.nii.gz"], "ImageComments": "sub-06_ses-01_prfGazeMod", "ConversionSoftwareVersion": "v1.0.20180622 GCC4.9.2", "SeriesDescription": "ImageMRSERIES", "AcquisitionNumber": 19, "UsePhilipsFloatNotDisplayScaling": 1, "PhilipsScaleSlope": 5.41845e-05, "PhilipsRescaleSlope": 3.7978, "PhaseEncodingDirection": "i-", "ImageOrientationPatientDICOM": [-0.0771338, 0.822027, -0.5642, 0.0526845, -0.561735, -0.825638], "PatientPosition": "HFS", "PhilipsRescaleIntercept": 0, "ProtocolName": "dir-TU_run-8_epi", "TotalReadoutTime": 0.0322, "ConversionSoftware": "dcm2niix", "Manufacturer": "Philips"}