{"EchoTime": 0.01689, "RepetitionTime": 1.3175, "SeriesNumber": 13, "ReconMatrixPE": 112, "IntendedFor": ["ses-02/func/sub-003_ses-02_task-AttendFixGazeLeft_run-1_bold.nii.gz"], "ImageComments": "sub-03_ses-02_prfGazeMod", "ConversionSoftwareVersion": "v1.0.20180622 GCC4.9.2", "SeriesDescription": "ImageMRSERIES", "AcquisitionNumber": 13, "UsePhilipsFloatNotDisplayScaling": 1, "PhilipsScaleSlope": 5.3997e-05, "PhilipsRescaleSlope": 3.46447, "PhaseEncodingDirection": "i-", "ImageOrientationPatientDICOM": [0, 0.91212, -0.409923, 0, -0.409923, -0.91212], "PatientPosition": "HFS", "PhilipsRescaleIntercept": 0, "ProtocolName": "dir-TU_run-5_epi", "TotalReadoutTime": 0.0322, "ConversionSoftware": "dcm2niix", "Manufacturer": "Philips"}